GEM
  remote: https://rubygems.org/
  specs:
    addressable (2.3.5)
    faraday (0.9.0)
      multipart-post (>= 1.2, < 3)
    httpclient (2.3.4.1)
    multipart-post (2.0.0)
    octokit (2.6.3)
      sawyer (~> 0.5.1)
    sawyer (0.5.2)
      addressable (~> 2.3.5)
      faraday (~> 0.8, < 0.10)
    unified_diff (0.3.3)

PLATFORMS
  ruby

DEPENDENCIES
  httpclient
  octokit (= 2.6.3)
  unified_diff
